GEM
  remote: https://rubygems.org/
  specs:
    backports (3.6.8)
    kgio (2.10.0)
    multi_json (1.11.2)
    rack (1.6.4)
    rack-protection (1.5.3)
      rack
    rack-test (0.6.3)
      rack (>= 1.0)
    raindrops (0.15.0)
    sinatra (1.4.7)
      rack (~> 1.5)
      rack-protection (~> 1.4)
      tilt (>= 1.3, < 3)
    sinatra-contrib (1.4.6)
      backports (>= 2.0)
      multi_json
      rack-protection
      rack-test
      sinatra (~> 1.4.0)
      tilt (>= 1.3, < 3)
    tilt (2.0.2)
    unicorn (5.0.1)
      kgio (~> 2.6)
      rack
      raindrops (~> 0.7)
    woothee (1.3.0)

PLATFORMS
  ruby

DEPENDENCIES
  sinatra
  sinatra-contrib
  unicorn
  woothee

BUNDLED WITH
   1.11.2
